GIT
  remote: git://github.com/heroku/que.git
  revision: f0c28a1470d1beec9220d9772e1610eb8578f876
  branch: transaction-tolerant-0.14.3
  specs:
    que (0.14.3)

GEM
  remote: https://rubygems.org/
  specs:
    activesupport (5.2.0)
      concurrent-ruby (~> 1.0, >= 1.0.2)
      i18n (>= 0.7, < 2)
      minitest (~> 5.1)
      tzinfo (~> 1.1)
    addressable (2.5.2)
      public_suffix (>= 2.0.2, < 4.0)
    ast (2.4.0)
    backports (3.11.3)
    byebug (10.0.2)
    coderay (1.1.2)
    colored (1.2)
    committee (2.1.0)
      json_schema (~> 0.14, >= 0.14.3)
      rack (>= 1.5)
    concurrent-ruby (1.0.5)
    database_cleaner (1.7.0)
    diff-lcs (1.3)
    docile (1.3.0)
    domain_name (0.5.20180417)
      unf (>= 0.0.5, < 1.0.0)
    dotenv (2.4.0)
    erubis (2.7.0)
    excon (0.62.0)
    fabrication (2.20.1)
    foreman (0.63.0)
      dotenv (>= 0.7)
      thor (>= 0.13.6)
    http-cookie (1.0.3)
      domain_name (~> 0.5)
    http_accept (0.1.6)
    i18n (1.0.1)
      concurrent-ruby (~> 1.0)
    json (2.1.0)
    json_schema (0.19.1)
    kensa (3.0.2)
      colored (~> 1.2)
      launchy (~> 2.2.0)
      mechanize (~> 2.7.5)
      netrc (~> 0.10.3)
      rest-client (~> 1.8)
    launchy (2.2.0)
      addressable (~> 2.3)
    mechanize (2.7.5)
      domain_name (~> 0.5, >= 0.5.1)
      http-cookie (~> 1.0)
      mime-types (>= 1.17.2)
      net-http-digest_auth (~> 1.1, >= 1.1.1)
      net-http-persistent (~> 2.5, >= 2.5.2)
      nokogiri (~> 1.6)
      ntlm-http (~> 0.1, >= 0.1.1)
      webrobots (>= 0.0.9, < 0.2)
    method_source (0.9.0)
    mime-types (2.99.3)
    mini_portile2 (2.3.0)
    minitest (5.11.3)
    multi_json (1.13.1)
    mustermann (1.0.2)
    net-http-digest_auth (1.4.1)
    net-http-persistent (2.9.4)
    netrc (0.10.3)
    nokogiri (1.8.2)
      mini_portile2 (~> 2.3.0)
    ntlm-http (0.1.1)
    oj (3.5.1)
    parallel (1.12.1)
    parser (2.5.1.0)
      ast (~> 2.4.0)
    pg (1.0.0)
    pliny (0.27.0)
      activesupport (~> 5.0, >= 5.0.1)
      http_accept (~> 0.1, >= 0.1.5)
      multi_json (~> 1.9, >= 1.9.3)
      prmd (~> 0.11, >= 0.11.4)
      sinatra (>= 1.4, < 3.0)
      sinatra-router (~> 0.2, >= 0.2.4)
      thor (~> 0.19, >= 0.19.1)
    powerpack (0.1.1)
    prmd (0.13.0)
      erubis (~> 2.7)
      json_schema (~> 0.3, >= 0.3.1)
    pry (0.11.3)
      coderay (~> 1.1.0)
      method_source (~> 0.9.0)
    pry-byebug (3.6.0)
      byebug (~> 10.0)
      pry (~> 0.10)
    public_suffix (3.0.2)
    puma (3.11.4)
    rack (2.0.5)
    rack-protection (2.0.1)
      rack
    rack-ssl (1.4.1)
      rack
    rack-test (1.0.0)
      rack (>= 1.0, < 3)
    rack-timeout (0.4.2)
    rainbow (3.0.0)
    rake (12.3.1)
    rest-client (1.8.0)
      http-cookie (>= 1.0.2, < 2.0)
      mime-types (>= 1.16, < 3.0)
      netrc (~> 0.7)
    rollbar (2.15.6)
      multi_json
    rspec (3.7.0)
      rspec-core (~> 3.7.0)
      rspec-expectations (~> 3.7.0)
      rspec-mocks (~> 3.7.0)
    rspec-core (3.7.1)
      rspec-support (~> 3.7.0)
    rspec-expectations (3.7.0)
      diff-lcs (>= 1.2.0, < 2.0)
      rspec-support (~> 3.7.0)
    rspec-mocks (3.7.0)
      diff-lcs (>= 1.2.0, < 2.0)
      rspec-support (~> 3.7.0)
    rspec-support (3.7.1)
    rubocop (0.52.1)
      parallel (~> 1.10)
      parser (>= 2.4.0.2, < 3.0)
      powerpack (~> 0.1)
      rainbow (>= 2.2.2, < 4.0)
      ruby-progressbar (~> 1.7)
      unicode-display_width (~> 1.0, >= 1.0.1)
    rubocop-rspec (1.23.0)
      rubocop (>= 0.52.1)
    ruby-progressbar (1.9.0)
    sequel (4.49.0)
    sequel-paranoid (0.7.0)
      sequel
    sequel_pg (1.8.1)
      pg (>= 0.18.0)
      sequel (>= 4.34.0)
    simplecov (0.16.1)
      docile (~> 1.1)
      json (>= 1.8, < 3)
      simplecov-html (~> 0.10.0)
    simplecov-html (0.10.2)
    sinatra (2.0.1)
      mustermann (~> 1.0)
      rack (~> 2.0)
      rack-protection (= 2.0.1)
      tilt (~> 2.0)
    sinatra-contrib (2.0.1)
      backports (>= 2.0)
      multi_json
      mustermann (~> 1.0)
      rack-protection (= 2.0.1)
      sinatra (= 2.0.1)
      tilt (>= 1.3, < 3)
    sinatra-router (0.2.4)
      sinatra (>= 1.4, < 3.0)
    sucker_punch (2.0.4)
      concurrent-ruby (~> 1.0.0)
    thor (0.20.0)
    thread_safe (0.3.6)
    tilt (2.0.8)
    tzinfo (1.2.5)
      thread_safe (~> 0.1)
    unf (0.1.4)
      unf_ext
    unf_ext (0.0.7.5)
    unicode-display_width (1.3.2)
    webrobots (0.1.2)

PLATFORMS
  ruby

DEPENDENCIES
  activesupport
  committee
  database_cleaner
  dotenv
  excon
  fabrication
  foreman
  kensa
  multi_json
  oj
  pg
  pliny (~> 0.27)
  pry
  pry-byebug
  puma (~> 3)
  que!
  rack-ssl
  rack-test
  rack-timeout (~> 0.4)
  rake
  rollbar
  rspec
  rubocop (~> 0.52.1)
  rubocop-rspec
  sequel (~> 4.34)
  sequel-paranoid
  sequel_pg (~> 1.6)
  simplecov
  sinatra (>= 1.4, < 3.0)
  sinatra-contrib
  sinatra-router
  sucker_punch

RUBY VERSION
   ruby 2.5.1p57

BUNDLED WITH
   1.16.1
